PATH
  remote: vendor/tools/noft
  specs:
    noft (1.0.0)
      reality-core (>= 1.8.0)
      reality-facets (>= 1.8.0)
      reality-generators (>= 1.13.0)
      reality-mda (>= 1.7.0)
      reality-model (>= 1.2.0)
      reality-naming (>= 1.9.0)
      reality-orderedhash (>= 1.0.0)
      schmooze (= 0.1.6)

GEM
  remote: https://rubygems.org/
  specs:
    arrayfields (4.9.2)
    braid (1.0.20)
      main (>= 4.7.3)
      open4 (>= 1.0.1)
    chronic (0.10.2)
    fattr (2.3.0)
    main (6.2.2)
      arrayfields (~> 4.7, >= 4.7.4)
      chronic (~> 0.6, >= 0.6.2)
      fattr (~> 2.2, >= 2.2.0)
      map (~> 6.1, >= 6.1.0)
    map (6.6.0)
    open4 (1.3.4)
    reality-core (1.8.0)
    reality-facets (1.8.0)
      reality-core (>= 1.8.0)
      reality-naming (>= 1.9.0)
      reality-orderedhash (>= 1.0.0)
    reality-generators (1.13.0)
      reality-core (>= 1.7.0)
      reality-naming (>= 1.9.0)
      reality-orderedhash (>= 1.0.0)
    reality-mda (1.7.0)
      reality-core (>= 1.8.0)
      reality-facets (>= 1.8.0)
      reality-generators (>= 1.12.0)
      reality-model (>= 1.2.0)
      reality-naming (>= 1.9.0)
      reality-orderedhash (>= 1.0.0)
    reality-model (1.2.0)
      reality-core (>= 1.8.0)
      reality-naming (>= 1.9.0)
      reality-orderedhash (>= 1.0.0)
    reality-naming (1.9.0)
    reality-orderedhash (1.0.0)
    schmooze (0.1.6)

PLATFORMS
  ruby

DEPENDENCIES
  braid (= 1.0.20)
  noft (= 1.0.0)!

BUNDLED WITH
   1.14.6
